PATH
  remote: .
  specs:
    ruby-heap (1.0.2)

GEM
  remote: https://rubygems.org/
  specs:
    minitest (5.11.1)
    rake (13.0.6)

PLATFORMS
  ruby

DEPENDENCIES
  bundler (~> 1.14)
  minitest (~> 5.0)
  rake (~> 13.0)
  ruby-heap!

BUNDLED WITH
   1.16.1
