PATH
  remote: .
  specs:
    ruby-heap (1.0.4)

GEM
  remote: https://rubygems.org/
  specs:
    minitest (5.16.0)
    rake (13.0.6)

PLATFORMS
  x86_64-darwin-20
  x86_64-linux

DEPENDENCIES
  bundler (~> 2.2, >= 2.2.10)
  minitest (~> 5.0)
  rake (~> 13.0)
  ruby-heap!

BUNDLED WITH
   2.2.29
